GEM
  remote: http://rubygems.org/
  remote: http://gems.github.com/
  specs:
    abstract (1.0.0)
    actionmailer (2.3.5)
      actionpack (= 2.3.5)
    actionpack (2.3.5)
      activesupport (= 2.3.5)
      rack (~> 1.0.0)
    activerecord (2.3.5)
      activesupport (= 2.3.5)
    activeresource (2.3.5)
      activesupport (= 2.3.5)
    activesupport (2.3.5)
    cancan (1.1.1)
    chronic (0.3.0)
    columnize (0.3.2)
    crack (0.1.8)
    erubis (2.6.5)
      abstract (>= 1.0.0)
    formtastic (0.9.8)
      actionpack (>= 2.3.0)
      activesupport (>= 2.3.0)
    haml (2.2.24)
    hoe (2.8.0)
      rake (>= 0.8.7)
    httparty (0.4.2)
      crack (>= 0.1.1)
    javan-whenever (0.3.7)
      chronic (>= 0.2.3)
    jeremyevans-exception_notification (1.0.20090728)
    linecache (0.43)
    lockfile (1.4.3)
    mash (0.0.3)
      hoe (>= 1.5.1)
    mislav-will_paginate (2.3.11)
    mocha (0.9.10)
      rake
    oauth (0.3.2)
      ruby-hmac (>= 0.3.1)
    pg (0.9.0)
    rack (1.0.1)
    rails (2.3.5)
      actionmailer (= 2.3.5)
      actionpack (= 2.3.5)
      activerecord (= 2.3.5)
      activeresource (= 2.3.5)
      activesupport (= 2.3.5)
      rake (>= 0.8.3)
    rake (0.8.7)
    ruby-debug (0.10.4)
      columnize (>= 0.1)
      ruby-debug-base (~> 0.10.4.0)
    ruby-debug-base (0.10.4)
      linecache (>= 0.3)
    ruby-hmac (0.4.0)
    sqlite3-ruby (1.3.2)
    thoughtbot-shoulda (2.11.1)
    twitter (0.6.6)
      httparty (= 0.4.2)
      mash (= 0.0.3)
      oauth (= 0.3.2)

PLATFORMS
  ruby

DEPENDENCIES
  cancan (= 1.1.1)
  erubis (= 2.6.5)
  formtastic (= 0.9.8)
  haml (= 2.2.24)
  javan-whenever (= 0.3.7)
  jeremyevans-exception_notification (= 1.0.20090728)
  lockfile (= 1.4.3)
  mislav-will_paginate (= 2.3.11)
  mocha
  pg (= 0.9.0)
  rails (= 2.3.5)
  ruby-debug
  sqlite3-ruby
  thoughtbot-shoulda
  twitter (= 0.6.6)
